PATH
  remote: .
  specs:
    netflix (0.2.1)
      json
      launchy
      oauth

GEM
  remote: http://rubygems.org/
  specs:
    addressable (2.2.8)
    crack (0.3.2)
    json (1.7.0)
    launchy (2.1.0)
      addressable (~> 2.2.6)
    oauth (0.4.6)
    putsinator (1.0.0)
    webmock (1.9.0)
      addressable (>= 2.2.7)
      crack (>= 0.1.7)

PLATFORMS
  ruby

DEPENDENCIES
  netflix!
  putsinator
  webmock
